{
	"Modality": "MR",
	"MagneticFieldStrength": 7,
	"Manufacturer": "GE",
	"ManufacturersModelName": "DISCOVERY_MR950",
	"InstitutionName": "UCSF_QB3",
	"DeviceSerialNumber": "0000000415UCMB7T",
	"StationName": "qb3-7t",
	"PatientPosition": "HFS",
	"SoftwareVersions": "23_LX_MR_Software_release:7T23.0_V01_1220.b",
	"MRAcquisitionType": "3D",
	"SeriesDescription": "T1_SPGR_PRE-GAD",
	"ProtocolName": "T1_SPGR_PRE-GAD",
	"ScanningSequence": "RM",
	"SequenceVariant": "NONE",
	"ScanOptions": "EDR_GEMS_ACC_GEMS",
	"ImageType": ["ORIGINAL", "PRIMARY", "OTHER"],
	"SeriesNumber": 2,
	"AcquisitionTime": "10:52:3.000000",
	"AcquisitionNumber": 1,
	"SliceThickness": 1,
	"SpacingBetweenSlices": 1,
	"SAR": 0.00622174,
	"EchoTime": 0.001752,
	"RepetitionTime": 0.003936,
	"InversionTime": 1.35,
	"FlipAngle": 8,
	"PercentPhaseFOV": 100,
	"AcquisitionMatrixPE": 256,
	"ReconMatrixPE": 256,
	"PixelBandwidth": 976.562,
	"ImageOrientationPatientDICOM": [
		1,
		-0,
		0,
		-0,
		1,
		0	],
	"InPlanePhaseEncodingDirectionDICOM": "ROW",
	"ConversionSoftware": "dcm2niix",
	"ConversionSoftwareVersion": "v1.0.20171215 (OpenJPEG build) Clang8.1.0"
}
