{
	"Modality": "MR",
	"MagneticFieldStrength": 7,
	"Manufacturer": "GE",
	"ManufacturersModelName": "DISCOVERY_MR950",
	"InstitutionName": "UCSF_QB3",
	"DeviceSerialNumber": "0000000415UCMB7T",
	"StationName": "qb3-7t",
	"PatientPosition": "HFS",
	"SoftwareVersions": "23_LX_MR_Software_release:7T23.0_V01_1220.b",
	"MRAcquisitionType": "3D",
	"SeriesDescription": "UTE_multiecho_sat",
	"ProtocolName": "UTE_multiecho_sat",
	"ScanningSequence": "RM",
	"SequenceVariant": "NONE",
	"ScanOptions": "NONE",
	"ImageType": ["ORIGINAL", "PRIMARY", "OTHER"],
	"SeriesNumber": 3,
	"AcquisitionTime": "11:13:35.000000",
	"AcquisitionNumber": 2,
	"SliceThickness": 3,
	"SpacingBetweenSlices": 3,
	"EchoTime": 2.4e-05,
	"RepetitionTime": 0.014,
	"FlipAngle": 10,
	"PercentPhaseFOV": 90,
	"AcquisitionMatrixPE": 128,
	"ReconMatrixPE": 256,
	"PixelBandwidth": 976.562,
	"ImageOrientationPatientDICOM": [
		1,
		-0,
		0,
		-0,
		1,
		0	],
	"InPlanePhaseEncodingDirectionDICOM": "ROW",
	"ConversionSoftware": "dcm2niix",
	"ConversionSoftwareVersion": "v1.0.20171215 (OpenJPEG build) Clang8.1.0"
}
